GEM
  remote: https://rubygems.org/
  specs:
    appraisal (0.5.2)
      bundler
      rake
    mocha (0.9.9)
      rake
    rake (0.8.7)
    test_declarative (0.0.4)

PLATFORMS
  java
  ruby

DEPENDENCIES
  appraisal
  mocha
  test_declarative
