PATH
  remote: .
  specs:
    i18n (0.8.0.beta1)

GEM
  remote: https://rubygems.org/
  specs:
    metaclass (0.0.4)
    minitest (5.10.1)
    mocha (1.2.1)
      metaclass (~> 0.0.1)
    rake (11.3.0)
    test_declarative (0.0.5)

PLATFORMS
  java
  ruby

DEPENDENCIES
  i18n!
  minitest
  mocha
  rake
  test_declarative

BUNDLED WITH
   1.13.7
